PATH
  remote: .
  specs:
    view_tool_copyright (0.1.0)

GEM
  remote: https://rubygems.org/
  specs:
    rake (12.3.3)

PLATFORMS
  x64-mingw32

DEPENDENCIES
  rake (~> 12.0)
  view_tool_copyright!

BUNDLED WITH
   2.1.4
